GEM
  remote: https://rubygems.org/
  specs:
    active_directory (1.6.0)
      net-ldap (>= 0.1.1)
    coderay (1.1.0)
    daemons (1.2.2)
    eventmachine (1.0.7)
    method_source (0.8.2)
    net-ldap (0.11)
    pry (0.10.1-x64-mingw32)
      coderay (~> 1.1.0)
      method_source (~> 0.8.1)
      slop (~> 3.4)
      win32console (~> 1.3)
    rack (1.6.1)
    rack-protection (1.5.3)
      rack
    sinatra (1.4.6)
      rack (~> 1.4)
      rack-protection (~> 1.4)
      tilt (>= 1.3, < 3)
    slop (3.6.0)
    thin (1.6.3)
      daemons (~> 1.0, >= 1.0.9)
      eventmachine (~> 1.0)
      rack (~> 1.0)
    tilt (2.0.1)
    win32console (1.3.2)

PLATFORMS
  x64-mingw32

DEPENDENCIES
  active_directory
  pry
  sinatra
  thin
